GEM
  remote: https://rubygems.org/
  specs:
    actioncable (8.0.0.1)
      actionpack (= 8.0.0.1)
      activesupport (= 8.0.0.1)
      nio4r (~> 2.0)
      websocket-driver (>= 0.6.1)
      zeitwerk (~> 2.6)
    actionmailbox (8.0.0.1)
      actionpack (= 8.0.0.1)
      activejob (= 8.0.0.1)
      activerecord (= 8.0.0.1)
      activestorage (= 8.0.0.1)
      activesupport (= 8.0.0.1)
      mail (>= 2.8.0)
    actionmailer (8.0.0.1)
      actionpack (= 8.0.0.1)
      actionview (= 8.0.0.1)
      activejob (= 8.0.0.1)
      activesupport (= 8.0.0.1)
      mail (>= 2.8.0)
      rails-dom-testing (~> 2.2.2)
    actionpack (8.0.0.1)
      actionview (= 8.0.0.1)
      activesupport (= 8.0.0.1)
      nokogiri (~> 1.18.3)
      rack (~> 3.1.10)
      rack-session (>= 1.0.1)
      rack-test (>= 0.6.3)
      rails-dom-testing (~> 2.2.2)
      rails-html-sanitizer (~> 1.6)
      useragent (~> 0.16)
    actiontext (8.0.0.1)
      actionpack (= 8.0.0.1)
      activerecord (= 8.0.0.1)
      activestorage (= 8.0.0.1)
      activesupport (= 8.0.0.1)
      globalid (>= 0.6.0)
      nokogiri (~> 1.18.3)
    actionview (8.0.0.1)
      activesupport (= 8.0.0.1)
      builder (~> 3.1)
      erubi (~> 1.11)
      rails-dom-testing (~> 2.2.2)
      rails-html-sanitizer (~> 1.6)
    activejob (8.0.0.1)
      activesupport (= 8.0.0.1)
      globalid (>= 0.3.6)
    activemodel (8.0.0.1)
      activesupport (= 8.0.0.1)
    activerecord (8.0.0.1)
      activemodel (= 8.0.0.1)
      activesupport (= 8.0.0.1)
      timeout (>= 0.4.0)
    activestorage (8.0.0.1)
      actionpack (= 8.0.0.1)
      activejob (= 8.0.0.1)
      activerecord (= 8.0.0.1)
      activesupport (= 8.0.0.1)
      marcel (~> 1.0)
    activesupport (8.0.0.1)
      base64
      benchmark (>= 0.3)
      bigdecimal
      concurrent-ruby (~> 1.0, >= 1.3.1)
      connection_pool (>= 2.2.5)
      drb
      i18n (>= 1.6, < 2)
      logger (>= 1.4.2)
      minitest (>= 5.1)
      securerandom (>= 0.3)
      tzinfo (~> 2.0, >= 2.0.5)
      uri (>= 0.13.1)
    addressable (2.8.7)
      public_suffix (>= 2.0.2, < 7.0)
    autoprefixer-rails (10.4.19.0)
      execjs (~> 2)
    base64 (0.2.0)
    benchmark (0.4.0)
    bigdecimal (3.1.8)
    bindex (0.8.1)
    bootstrap-sass (3.4.3)
      autoprefixer-rails (>= 5.2.1)
      sassc (>= 2.0.0)
    builder (3.3.0)
    byebug (11.1.3)
    capybara (3.40.0)
      addressable
      matrix
      mini_mime (>= 0.1.3)
      nokogiri (~> 1.18.3)
      rack (~> 3.1.10)
      rack-test (>= 0.6.3)
      regexp_parser (>= 1.5, < 3.0)
      xpath (~> 3.2)
    cliver (0.3.2)
    coffee-rails (5.0.0)
      coffee-script (>= 2.2.0)
      railties (>= 5.2.0)
    coffee-script (2.4.1)
      coffee-script-source
      execjs
    coffee-script-source (1.12.2)
    concurrent-ruby (1.3.4)
    connection_pool (2.4.1)
    crass (1.0.6)
    date (3.4.1)
    diff-lcs (1.5.1)
    drb (2.2.1)
    erubi (1.13.0)
    execjs (2.10.0)
    ffi (1.17.0-x86_64-linux-gnu)
    globalid (1.2.1)
      activesupport (>= 6.1)
    i18n (1.14.6)
      concurrent-ruby (~> 1.0)
    io-console (0.8.0)
    irb (1.14.1)
      rdoc (>= 4.0.0)
      reline (>= 0.4.2)
    jbuilder (2.13.0)
      actionview (>= 5.0.0)
      activesupport (>= 5.0.0)
    jquery-rails (4.6.0)
      rails-dom-testing (>= 1, < 3)
      railties (>= 4.2.0)
      thor (>= 0.14, < 2.0)
    logger (1.6.2)
    loofah (2.23.1)
      crass (~> 1.0.2)
      nokogiri (~> 1.18.3)
    mail (2.8.1)
      mini_mime (>= 0.1.1)
      net-imap
      net-pop
      net-smtp
    marcel (1.0.4)
    matrix (0.4.2)
    mini_mime (1.1.5)
    minitest (5.25.3)
    net-imap (~> 0.5.6)
      date
      net-protocol
    net-pop (0.1.2)
      net-protocol
    net-protocol (0.2.2)
      timeout
    net-smtp (0.5.0)
      net-protocol
    nio4r (2.7.4)
    nokogiri (~> 1.18.3)
      racc (~> 1.4)
    phantomjs (2.1.1.0)
    poltergeist (1.18.1)
      capybara (>= 2.1, < 4)
      cliver (~> 0.3.1)
      websocket-driver (>= 0.2.0)
    psych (5.2.1)
      date
      stringio
    public_suffix (6.0.1)
    racc (1.8.1)
    rack (~> 3.1.10)
    rack-session (2.0.0)
      rack (~> 3.1.10)
    rack-test (2.1.0)
      rack (~> 3.1.10)
    rackup (2.2.1)
      rack (~> 3.1.10)
    rails (8.0.0.1)
      actioncable (= 8.0.0.1)
      actionmailbox (= 8.0.0.1)
      actionmailer (= 8.0.0.1)
      actionpack (= 8.0.0.1)
      actiontext (= 8.0.0.1)
      actionview (= 8.0.0.1)
      activejob (= 8.0.0.1)
      activemodel (= 8.0.0.1)
      activerecord (= 8.0.0.1)
      activestorage (= 8.0.0.1)
      activesupport (= 8.0.0.1)
      bundler (>= 1.15.0)
      railties (= 8.0.0.1)
    rails-dom-testing (2.2.2)
      activesupport (>= 5.0.0)
      minitest
      nokogiri (~> 1.18.3)
    rails-html-sanitizer (1.6.1)
      loofah (~> 2.21)
      nokogiri (~> 1.18.3)
    railties (8.0.0.1)
      actionpack (= 8.0.0.1)
      activesupport (= 8.0.0.1)
      irb (~> 1.13)
      rackup (>= 1.0.0)
      rake (>= 12.2)
      thor (~> 1.0, >= 1.2.2)
      zeitwerk (~> 2.6)
    rake (13.2.1)
    rdoc (6.8.1)
      psych (>= 4.0.0)
    regexp_parser (2.9.3)
    reline (0.5.12)
      io-console (~> 0.5)
    rspec-core (3.13.2)
      rspec-support (~> 3.13.0)
    rspec-expectations (3.13.3)
      diff-lcs (>= 1.2.0, < 2.0)
      rspec-support (~> 3.13.0)
    rspec-mocks (3.13.2)
      diff-lcs (>= 1.2.0, < 2.0)
      rspec-support (~> 3.13.0)
    rspec-rails (7.1.0)
      actionpack (>= 7.0)
      activesupport (>= 7.0)
      railties (>= 7.0)
      rspec-core (~> 3.13)
      rspec-expectations (~> 3.13)
      rspec-mocks (~> 3.13)
      rspec-support (~> 3.13)
    rspec-support (3.13.2)
    sass-rails (6.0.0)
      sassc-rails (~> 2.1, >= 2.1.1)
    sassc (2.4.0)
      ffi (~> 1.9)
    sassc-rails (2.1.2)
      railties (>= 4.0.0)
      sassc (>= 2.0)
      sprockets (> 3.0)
      sprockets-rails
      tilt
    sdoc (2.6.1)
      rdoc (>= 5.0)
    securerandom (0.4.0)
    spring (4.2.1)
    sprockets (4.2.1)
      concurrent-ruby (~> 1.0)
      rack (~> 3.1.10)
    sprockets-rails (3.5.2)
      actionpack (>= 6.1)
      activesupport (>= 6.1)
      sprockets (>= 3.0.0)
    sqlite3 (2.3.1-x86_64-linux-gnu)
    stringio (3.1.2)
    thor (1.3.2)
    tilt (2.4.0)
    timeout (0.4.2)
    turbolinks (5.2.1)
      turbolinks-source (~> 5.2)
    turbolinks-source (5.2.0)
    tzinfo (2.0.6)
      concurrent-ruby (~> 1.0)
    uglifier (4.2.1)
      execjs (>= 0.3.0, < 3)
    uri (1.0.2)
    useragent (0.16.11)
    web-console (4.2.1)
      actionview (>= 6.0.0)
      activemodel (>= 6.0.0)
      bindex (>= 0.4.0)
      railties (>= 6.0.0)
    websocket-driver (0.7.6)
      websocket-extensions (>= 0.1.0)
    websocket-extensions (0.1.5)
    xpath (3.2.0)
      nokogiri (~> 1.18.3)
    zeitwerk (2.7.1)

PLATFORMS
  x86_64-linux

DEPENDENCIES
  bootstrap-sass
  byebug
  capybara
  coffee-rails
  jbuilder
  jquery-rails
  minitest
  phantomjs
  poltergeist
  rails
  rspec-rails
  sass-rails
  sdoc
  spring
  sqlite3
  turbolinks
  tzinfo-data
  uglifier
  web-console

BUNDLED WITH
   2.5.16
